GEM
  remote: https://rubygems.org/
  specs:
    chipmunk (6.1.3.4)
    constructor (2.0.0)
    diy (1.1.2)
      constructor (>= 1.0.0)
    gosu (1.4.6)
    publisher (1.1.2)

PLATFORMS
  ruby

DEPENDENCIES
  chipmunk
  constructor
  diy
  gosu
  publisher

BUNDLED WITH
   2.6.2
